GEM
  remote: https://rubygems.org/
  specs:
    rack (2.2.3)
    rack-test (1.1.0)
      rack (>= 1.0, < 3)

PLATFORMS
  universal-darwin-20

DEPENDENCIES
  rack (~> 2.2)
  rack-test (~> 1.1)

BUNDLED WITH
   2.2.23
